GEM
  remote: https://rubygems.org/
  specs:
    albino (1.3.3)
      posix-spawn (>= 0.3.6)
    coderay (1.1.1)
    posix-spawn (0.3.11)
    pygments.rb (0.6.3)
      posix-spawn (~> 0.3.6)
      yajl-ruby (~> 1.2.0)
    rouge (1.10.1)
    yajl-ruby (1.2.1)

PLATFORMS
  ruby

DEPENDENCIES
  albino (>= 1.3.3)
  coderay (>= 1.1.1)
  pygments.rb (>= 0.6.3)
  rouge (>= 1.10.1)

BUNDLED WITH
   1.11.2
