GEM
  remote: https://rubygems.org/
  specs:
    albino (1.3.3)
      posix-spawn (>= 0.3.6)
    coderay (1.1.0)
    posix-spawn (0.3.9)
    pygments.rb (0.6.0)
      posix-spawn (~> 0.3.6)
      yajl-ruby (~> 1.1.0)
    rouge (1.7.2)
    yajl-ruby (1.1.0)

PLATFORMS
  ruby

DEPENDENCIES
  albino (= 1.3.3)
  coderay (= 1.1.0)
  pygments.rb (= 0.6.0)
  rouge (= 1.7.2)
