GEM
  remote: https://rubygems.org/
  specs:
    coderay (1.1.3)
    pygments.rb (3.0.0)
    rouge (4.4.0)

PLATFORMS
  ruby

DEPENDENCIES
  coderay (>= 1.1.1)
  pygments.rb (>= 0.6.3)
  rouge (>= 1.10.1)

BUNDLED WITH
   2.5.16
