GEM
  remote: https://rubygems.org/
  specs:
    albino (1.3.3)
      posix-spawn (>= 0.3.6)
    coderay (1.1.2)
    multi_json (1.12.2)
    posix-spawn (0.3.13)
    pygments.rb (1.2.0)
      multi_json (>= 1.0.0)
    rouge (3.0.0)

PLATFORMS
  ruby

DEPENDENCIES
  albino (>= 1.3.3)
  coderay (>= 1.1.1)
  pygments.rb (>= 0.6.3)
  rouge (>= 1.10.1)

BUNDLED WITH
   1.15.4
